GEM
  remote: https://rubygems.org/
  specs:
    addressable (2.7.0)
      public_suffix (>= 2.0.2, < 5.0)
    ast (2.4.0)
    byebug (11.1.1)
    coderay (1.1.2)
    concurrent-ruby (1.1.5)
    crack (0.4.3)
      safe_yaml (~> 1.0.0)
    curb (0.9.10)
    database_cleaner (1.8.3)
    diff-lcs (1.3)
    docile (1.3.2)
    dry-auto_inject (0.7.0)
      dry-container (>= 0.3.4)
    dry-configurable (0.11.1)
      concurrent-ruby (~> 1.0)
      dry-core (~> 0.4, >= 0.4.7)
      dry-equalizer (~> 0.2)
    dry-container (0.7.2)
      concurrent-ruby (~> 1.0)
      dry-configurable (~> 0.1, >= 0.1.3)
    dry-core (0.4.9)
      concurrent-ruby (~> 1.0)
    dry-equalizer (0.3.0)
    dry-events (0.2.0)
      concurrent-ruby (~> 1.0)
      dry-core (~> 0.4)
      dry-equalizer (~> 0.2)
    dry-inflector (0.2.0)
    dry-initializer (3.0.3)
    dry-logic (1.0.6)
      concurrent-ruby (~> 1.0)
      dry-core (~> 0.2)
      dry-equalizer (~> 0.2)
    dry-matcher (0.8.3)
      dry-core (>= 0.4.8)
    dry-monads (1.3.5)
      concurrent-ruby (~> 1.0)
      dry-core (~> 0.4, >= 0.4.4)
      dry-equalizer
    dry-monitor (0.3.1)
      dry-configurable (~> 0.5)
      dry-core (~> 0.4)
      dry-equalizer (~> 0.2)
      dry-events (~> 0.1)
    dry-schema (1.4.3)
      concurrent-ruby (~> 1.0)
      dry-configurable (~> 0.8, >= 0.8.3)
      dry-core (~> 0.4)
      dry-equalizer (~> 0.2)
      dry-initializer (~> 3.0)
      dry-logic (~> 1.0)
      dry-types (~> 1.2)
    dry-struct (1.2.0)
      dry-core (~> 0.4, >= 0.4.3)
      dry-equalizer (~> 0.3)
      dry-types (~> 1.0)
      ice_nine (~> 0.11)
    dry-system (0.17.0)
      concurrent-ruby (~> 1.0)
      dry-auto_inject (>= 0.4.0)
      dry-configurable (~> 0.11, >= 0.11.1)
      dry-container (~> 0.7, >= 0.7.2)
      dry-core (~> 0.3, >= 0.3.1)
      dry-equalizer (~> 0.2)
      dry-inflector (~> 0.1, >= 0.1.2)
      dry-struct (~> 1.0)
    dry-types (1.2.2)
      concurrent-ruby (~> 1.0)
      dry-container (~> 0.3)
      dry-core (~> 0.4, >= 0.4.4)
      dry-equalizer (~> 0.3)
      dry-inflector (~> 0.1, >= 0.1.2)
      dry-logic (~> 1.0, >= 1.0.2)
    dry-validation (1.4.2)
      concurrent-ruby (~> 1.0)
      dry-container (~> 0.7, >= 0.7.1)
      dry-core (~> 0.4)
      dry-equalizer (~> 0.2)
      dry-initializer (~> 3.0)
      dry-schema (~> 1.4, >= 1.4.3)
    dry-web (0.8.0)
      dry-monitor (~> 0.1)
      dry-system (~> 0.9)
    dry-web-roda (0.13.1)
      dry-configurable (~> 0.2)
      dry-inflector (~> 0.2)
      roda (~> 3.0)
      roda-flow (~> 0.4)
      thor (~> 0.19)
    faker (2.10.1)
      i18n (>= 1.6, < 2)
    ffi (1.12.1)
    hashdiff (1.0.0)
    i18n (1.8.2)
      concurrent-ruby (~> 1.0)
    ice_nine (0.11.2)
    jaro_winkler (1.5.4)
    jwt (2.2.1)
    listen (3.2.1)
      rb-fsevent (~> 0.10, >= 0.10.3)
      rb-inotify (~> 0.9, >= 0.9.10)
    method_source (0.9.2)
    nio4r (2.5.2)
    oj (3.10.2)
    parallel (1.19.1)
    parser (2.7.0.2)
      ast (~> 2.4.0)
    pg (1.2.2)
    pry (0.12.2)
      coderay (~> 1.1.0)
      method_source (~> 0.9.0)
    pry-byebug (3.8.0)
      byebug (~> 11.0)
      pry (~> 0.10)
    public_suffix (4.0.3)
    puma (4.3.1)
      nio4r (~> 2.0)
    rack (2.2.2)
    rack-test (1.1.0)
      rack (>= 1.0, < 3)
    rack_csrf (2.6.0)
      rack (>= 1.1.0)
    rainbow (3.0.0)
    rake (13.0.1)
    rb-fsevent (0.10.3)
    rb-inotify (0.10.1)
      ffi (~> 1.0)
    rerun (0.13.0)
      listen (~> 3.0)
    rexml (3.2.4)
    roda (3.28.0)
      rack
    roda-flow (0.4.0)
    rom (5.2.1)
      rom-changeset (~> 5.2)
      rom-core (~> 5.2)
      rom-repository (~> 5.2)
    rom-changeset (5.2.1)
      dry-core (~> 0.4)
      rom-core (~> 5.2)
      transproc (~> 1.0, >= 1.1.0)
    rom-core (5.2.1)
      concurrent-ruby (~> 1.1)
      dry-container (~> 0.7)
      dry-core (~> 0.4)
      dry-equalizer (~> 0.2)
      dry-inflector (~> 0.1)
      dry-initializer (~> 3.0, >= 3.0.1)
      dry-struct (~> 1.0)
      dry-types (~> 1.0)
      transproc (~> 1.0, >= 1.1.0)
    rom-factory (0.10.1)
      dry-configurable (~> 0.7)
      dry-core (~> 0.4)
      faker (>= 1.7, < 3.0)
      rom-core (~> 5.0)
    rom-repository (5.2.1)
      dry-core (~> 0.4)
      dry-initializer (~> 3.0, >= 3.0.1)
      rom-core (~> 5.2)
    rom-sql (3.2.0)
      dry-core (~> 0.4)
      dry-equalizer (~> 0.2)
      dry-types (~> 1.0)
      rom-core (~> 5.2, >= 5.2.1)
      sequel (>= 4.49)
    rspec (3.9.0)
      rspec-core (~> 3.9.0)
      rspec-expectations (~> 3.9.0)
      rspec-mocks (~> 3.9.0)
    rspec-core (3.9.1)
      rspec-support (~> 3.9.1)
    rspec-expectations (3.9.0)
      diff-lcs (>= 1.2.0, < 2.0)
      rspec-support (~> 3.9.0)
    rspec-mocks (3.9.1)
      diff-lcs (>= 1.2.0, < 2.0)
      rspec-support (~> 3.9.0)
    rspec-support (3.9.2)
    rubocop (0.80.0)
      jaro_winkler (~> 1.5.1)
      parallel (~> 1.10)
      parser (>= 2.7.0.1)
      rainbow (>= 2.2.2, < 4.0)
      rexml
      ruby-progressbar (~> 1.7)
      unicode-display_width (>= 1.4.0, < 1.7)
    ruby-progressbar (1.10.1)
    safe_yaml (1.0.5)
    sequel (5.28.0)
    sequel_postgresql_triggers (1.5.0)
      sequel
    simplecov (0.18.3)
      docile (~> 1.1)
      simplecov-html (~> 0.11)
    simplecov-html (0.12.1)
    thor (0.20.3)
    transproc (1.1.1)
    unicode-display_width (1.6.1)
    webmock (3.8.0)
      addressable (>= 2.3.6)
      crack (>= 0.3.2)
      hashdiff (>= 0.4.0, < 2.0.0)

PLATFORMS
  ruby

DEPENDENCIES
  concurrent-ruby
  curb
  database_cleaner
  dry-matcher
  dry-monads
  dry-struct
  dry-system
  dry-types
  dry-validation
  dry-web
  dry-web-roda
  jwt
  oj
  pg
  pry-byebug
  puma
  rack (>= 2.0)
  rack-test
  rack_csrf
  rake
  rerun
  rom (~> 5.1)
  rom-factory (~> 0.10)
  rom-sql (~> 3.1)
  rspec
  rubocop
  sequel_postgresql_triggers
  simplecov
  webmock

RUBY VERSION
   ruby 2.7.0p0

BUNDLED WITH
   2.1.2
